GEM
  remote: http://rubygems.org/
  specs:
    jsmin (1.0.1)
    rack (1.3.0)
    rack-test (0.6.1)
      rack (>= 1.0)
    sinatra (1.2.6)
      rack (~> 1.1)
      tilt (>= 1.2.2, < 2.0)
    sinatra-assetpack (0.0.10)
      jsmin
      rack-test
      sinatra
      tilt (>= 1.3.0)
    sinatra-backbone (0.1.0.rc2)
      sinatra
    sqlite3 (1.3.5)
    sqlite3-ruby (1.3.3)
      sqlite3 (>= 1.3.3)
    tilt (1.3.2)

PLATFORMS
  ruby

DEPENDENCIES
  sinatra
  sinatra-assetpack
  sinatra-backbone
  sqlite3-ruby
